GEM
  remote: http://rubygems.org/
  specs:
    Platform (0.4.0)
    colorize (0.7.5)
    diff-lcs (1.2.5)
    docile (1.1.5)
    highline (1.6.21)
    json (2.0.1)
    libarchive-static (1.0.5)
    libarchive-static (1.0.5-x86-mingw32)
    log4r (1.1.10)
    multi_json (1.10.1)
    net-netrc (0.2.2)
      Platform (>= 0.3.0)
    net-sftp (2.1.2)
      net-ssh (>= 2.6.5)
    net-ssh (2.9.1)
    polyglot (0.3.5)
    rake (12.3.3)
    rdoc (4.2.1)
    rspec (2.99.0)
      rspec-core (~> 2.99.0)
      rspec-expectations (~> 2.99.0)
      rspec-mocks (~> 2.99.0)
    rspec-core (2.99.2)
    rspec-expectations (2.99.2)
      diff-lcs (>= 1.1.3, < 2.0)
    rspec-mocks (2.99.2)
    simplecov (0.9.1)
      docile (~> 1.1.0)
      multi_json (~> 1.0)
      simplecov-html (~> 0.8.0)
    simplecov-html (0.8.0)
    treetop (1.5.3)
      polyglot (~> 0.3)

PLATFORMS
  ruby
  x86-mingw32

DEPENDENCIES
  bundler (>= 1.0.15)
  colorize (>= 0.5.8)
  highline (>= 1.6.19)
  json (>= 2.0.1)
  libarchive-static (>= 1.0.5)
  log4r (>= 1.1.5)
  net-netrc (>= 0.2.2)
  net-sftp (>= 2.1.2)
  net-ssh (>= 2.6.7)
  rake (>= 0.8.7)
  rdoc (>= 4)
  rspec (~> 2)
  simplecov (>= 0.6.2)
  simplecov-html (>= 0.5.3)
  treetop (>= 1.4.14)
